GIT
  remote: git://github.com/asalant/rails-authorization-plugin.git
  revision: 505bd47addf2ef5e3b5d98a7ea8d1352c2aa4ee6
  specs:
    authorization (1.0.12)

GEM
  remote: https://rubygems.org/
  specs:
    actionmailer (3.2.22.3)
      actionpack (= 3.2.22.3)
      mail (~> 2.5.4)
    actionpack (3.2.22.3)
      activemodel (= 3.2.22.3)
      activesupport (= 3.2.22.3)
      builder (~> 3.0.0)
      erubis (~> 2.7.0)
      journey (~> 1.0.4)
      rack (~> 1.4.5)
      rack-cache (~> 1.2)
      rack-test (~> 0.6.1)
      sprockets (~> 2.2.1)
    activemodel (3.2.22.3)
      activesupport (= 3.2.22.3)
      builder (~> 3.0.0)
    activerecord (3.2.22.3)
      activemodel (= 3.2.22.3)
      activesupport (= 3.2.22.3)
      arel (~> 3.0.2)
      tzinfo (~> 0.3.29)
    activeresource (3.2.22.3)
      activemodel (= 3.2.22.3)
      activesupport (= 3.2.22.3)
    activesupport (3.2.22.3)
      i18n (~> 0.6, >= 0.6.4)
      multi_json (~> 1.0)
    acts-as-taggable-on (3.5.0)
      activerecord (>= 3.2, < 5)
    airbrake (5.6.1)
      airbrake-ruby (~> 1.6)
    airbrake-ruby (1.6.0)
    annotate (2.7.1)
      activerecord (>= 3.2, < 6.0)
      rake (>= 10.4, < 12.0)
    arel (3.0.3)
    builder (3.0.4)
    calendar_date_select (2.1.2)
      rails (>= 3.1)
    coffee-rails (3.2.2)
      coffee-script (>= 2.2.0)
      railties (~> 3.2.0)
    coffee-script (2.4.1)
      coffee-script-source
      execjs
    coffee-script-source (1.10.0)
    dynamic_form (1.1.4)
    erubis (2.7.0)
    execjs (2.7.0)
    googlecharts (1.6.12)
    haml (4.0.7)
      tilt
    hike (1.2.3)
    i18n (0.7.0)
    journey (1.0.4)
    jquery-rails (3.1.4)
      railties (>= 3.0, < 5.0)
      thor (>= 0.14, < 2.0)
    json (1.8.3)
    mail (2.5.4)
      mime-types (~> 1.16)
      treetop (~> 1.4.8)
    mime-types (1.25.1)
    multi_json (1.12.1)
    mysql (2.9.1)
    newrelic_rpm (3.17.0.325)
    polyglot (0.3.5)
    power_assert (0.3.1)
    rack (1.4.7)
    rack-cache (1.6.1)
      rack (>= 0.4)
    rack-ssl (1.3.4)
      rack
    rack-test (0.6.3)
      rack (>= 1.0)
    rails (3.2.22.3)
      actionmailer (= 3.2.22.3)
      actionpack (= 3.2.22.3)
      activerecord (= 3.2.22.3)
      activeresource (= 3.2.22.3)
      activesupport (= 3.2.22.3)
      bundler (~> 1.0)
      railties (= 3.2.22.3)
    railties (3.2.22.3)
      actionpack (= 3.2.22.3)
      activesupport (= 3.2.22.3)
      rack-ssl (~> 1.3.2)
      rake (>= 0.8.7)
      rdoc (~> 3.4)
      thor (>= 0.14.6, < 2.0)
    rake (11.3.0)
    rdoc (3.12.2)
      json (~> 1.4)
    sass (3.4.22)
    sass-rails (3.2.6)
      railties (~> 3.2.0)
      sass (>= 3.1.10)
      tilt (~> 1.3)
    shoulda (3.5.0)
      shoulda-context (~> 1.0, >= 1.0.1)
      shoulda-matchers (>= 1.4.1, < 3.0)
    shoulda-context (1.2.1)
    shoulda-matchers (2.8.0)
      activesupport (>= 3.0.0)
    sprockets (2.2.3)
      hike (~> 1.2)
      multi_json (~> 1.0)
      rack (~> 1.0)
      tilt (~> 1.1, != 1.3.0)
    test-unit (3.2.1)
      power_assert
    thor (0.19.1)
    tilt (1.4.1)
    treetop (1.4.15)
      polyglot
      polyglot (>= 0.3.1)
    tzinfo (0.3.52)
    uglifier (3.0.3)
      execjs (>= 0.3.0, < 3)
    validates_email_format_of (1.6.3)
      i18n

PLATFORMS
  ruby

DEPENDENCIES
  acts-as-taggable-on
  airbrake
  annotate
  authorization!
  calendar_date_select
  coffee-rails (~> 3.2.1)
  dynamic_form
  googlecharts
  haml
  jquery-rails
  mysql
  newrelic_rpm
  rails (= 3.2.22.3)
  rdoc
  sass-rails (~> 3.2.3)
  shoulda
  test-unit
  uglifier (>= 1.0.3)
  validates_email_format_of

BUNDLED WITH
   1.12.5
